GIT
  remote: git://github.com/celluloid/celluloid-io.git
  revision: d86019f1fff0e7d8a86c080f8120a22cb23d8331
  specs:
    celluloid-io (0.16.0.pre)
      celluloid (>= 0.15.0)
      nio4r (>= 0.5.0)

GIT
  remote: git://github.com/celluloid/celluloid.git
  revision: a4a0385a21d1f18ffdbabb376e1c9ef1167d7978
  specs:
    celluloid (0.16.0.pre)
      timers (~> 1.1.0)

GIT
  remote: git://github.com/celluloid/lattice.git
  revision: 812bede90ef18af22572cb1ea43c7a00890308a0
  specs:
    lattice (0.1.0)
      activesupport (~> 4.0.0)
      celluloid (>= 0.15.1)
      reel (>= 0.4.0)
      webmachine (~> 1.2.0)

GIT
  remote: git://github.com/celluloid/reel.git
  revision: 37aa6740925ebdf9c3bd9243cc6b984e722c46d3
  specs:
    reel (0.5.0.pre)
      celluloid (>= 0.15.1)
      celluloid-io (>= 0.15.0)
      http (>= 0.5.0)
      http_parser.rb (>= 0.6.0.beta.2)
      websocket_parser (>= 0.1.4)

GIT
  remote: git://github.com/cryptosphere/rbnacl.git
  revision: 26f2e20cc59886427058ba096dc743f51f0112c8
  branch: add-primitive-names
  specs:
    rbnacl (1.1.0)
      ffi

GIT
  remote: git://github.com/seancribbs/webmachine-ruby.git
  revision: 4c09a6d7420e834980dfab8d00b73eccd2f0023d
  specs:
    webmachine (1.2.0)
      as-notifications (~> 1.0)
      i18n (>= 0.4.0)
      multi_json

GIT
  remote: git://github.com/tarcieri/http.git
  revision: 2f547a793c3356725b41e26b3b6542ec119ab714
  specs:
    http (0.6.0.pre)
      http_parser.rb

PATH
  remote: .
  specs:
    cryptosphere (0.0.0)
      base32
      celluloid
      lattice
      rbnacl
      thor

GEM
  remote: https://rubygems.org/
  specs:
    activesupport (4.0.0)
      i18n (~> 0.6, >= 0.6.4)
      minitest (~> 4.2)
      multi_json (~> 1.3)
      thread_safe (~> 0.1)
      tzinfo (~> 0.3.37)
    as-notifications (1.0.1)
    atomic (1.1.14)
    base32 (0.2.0)
    benchmark-ips (1.2.0)
    coderay (1.0.9)
    coveralls (0.6.9)
      multi_json (~> 1.3)
      rest-client
      simplecov (>= 0.7)
      term-ansicolor
      thor
    diff-lcs (1.2.4)
    ffi (1.9.0)
    formatador (0.2.4)
    guard (1.8.2)
      formatador (>= 0.2.4)
      listen (>= 1.0.0)
      lumberjack (>= 1.0.2)
      pry (>= 0.9.10)
      thor (>= 0.14.6)
    guard-rspec (3.0.3)
      guard (>= 1.8)
      rspec (~> 2.13)
    http_parser.rb (0.6.0.beta.2)
    i18n (0.6.5)
    listen (1.3.1)
      rb-fsevent (>= 0.9.3)
      rb-inotify (>= 0.9)
      rb-kqueue (>= 0.2)
    lumberjack (1.0.4)
    method_source (0.8.2)
    mime-types (1.25)
    minitest (4.7.5)
    multi_json (1.8.0)
    nio4r (0.5.0)
    pry (0.9.12.2)
      coderay (~> 1.0.5)
      method_source (~> 0.8)
      slop (~> 3.4)
    rake (10.1.0)
    rb-fsevent (0.9.3)
    rb-inotify (0.9.2)
      ffi (>= 0.5.0)
    rb-kqueue (0.2.0)
      ffi (>= 0.5.0)
    rest-client (1.6.7)
      mime-types (>= 1.16)
    rspec (2.14.1)
      rspec-core (~> 2.14.0)
      rspec-expectations (~> 2.14.0)
      rspec-mocks (~> 2.14.0)
    rspec-core (2.14.5)
    rspec-expectations (2.14.2)
      diff-lcs (>= 1.1.3, < 2.0)
    rspec-mocks (2.14.3)
    simplecov (0.7.1)
      multi_json (~> 1.0)
      simplecov-html (~> 0.7.1)
    simplecov-html (0.7.1)
    slop (3.4.6)
    term-ansicolor (1.2.2)
      tins (~> 0.8)
    thor (0.18.1)
    thread_safe (0.1.3)
      atomic
    timers (1.1.0)
    tins (0.9.0)
    tzinfo (0.3.37)
    webmachine-test (0.2.1)
      webmachine
    websocket_parser (0.1.4)
      http

PLATFORMS
  ruby

DEPENDENCIES
  benchmark-ips
  celluloid!
  celluloid-io!
  coveralls
  cryptosphere!
  guard-rspec
  http!
  jruby-openssl
  lattice!
  pry
  rake
  rbnacl!
  reel!
  rspec
  webmachine!
  webmachine-test
